GEM
  remote: https://rubygems.org/
  specs:
    mini_portile (0.6.2)
    net-ssh (2.9.1)
    nokogiri (1.6.5)
      mini_portile (~> 0.6.0)
    rake (10.4.2)

PLATFORMS
  ruby

DEPENDENCIES
  net-ssh
  nokogiri
  rake
